GEM
  remote: https://rubygems.org/
  specs:
    adsf (1.1.1)
      rack (>= 1.0.0)
    builder (3.2.0)
    colored (1.2)
    cri (2.3.0)
      colored (>= 1.2)
    listen (0.7.3)
    nanoc (3.6.2)
      cri (~> 2.3)
    rack (1.5.2)
    rb-fsevent (0.9.3)

PLATFORMS
  ruby

DEPENDENCIES
  adsf
  builder
  listen
  nanoc
  rb-fsevent
